PATH
  remote: .
  specs:
    crypto_checker (0.1.0)
      thor (~> 0.20)

GEM
  remote: https://rubygems.org/
  specs:
    rake (10.5.0)
    thor (0.20.3)

PLATFORMS
  ruby

DEPENDENCIES
  bundler (~> 2.0)
  crypto_checker!
  rake (~> 10.0)

BUNDLED WITH
   2.0.2
